FRAMEWORK: NET45
NUGET
  remote: http://nuget.org/api/v2
  specs:
    FAKE (3.18.0)
    FSharp.Compiler.Service (0.0.86) - framework: net45
    FSharp.Data (2.0.14)
    FSharp.Formatting (2.7.4)
      FSharp.Compiler.Service (>= 0.0.82)
      FSharpVSPowerTools.Core (>= 1.7.0)
    FSharpVSPowerTools.Core (1.7.0) - framework: net45
      FSharp.Compiler.Service (>= 0.0.81)
    MongoDB.Bson (2.0.0-beta2)
    NUnit (2.6.4)
    NUnit.Runners (2.6.4)
    SourceLink.Fake (0.4.2)
